PATH
  remote: .
  specs:
    iudex-da (1.1.1-java)
      activerecord (~> 3.0.10)
      activerecord-jdbcpostgresql-adapter (~> 1.1.3)
      iudex-core (~> 1.1.0)
      jdbc-postgres (~> 9.0.801)
      rjack-commons-dbcp (~> 1.4.0)
      rjack-commons-dbutils (~> 1.3.0)

GEM
  remote: http://rubygems.org/
  specs:
    activemodel (3.0.10)
      activesupport (= 3.0.10)
      builder (~> 2.1.2)
      i18n (~> 0.5.0)
    activerecord (3.0.10)
      activemodel (= 3.0.10)
      activesupport (= 3.0.10)
      arel (~> 2.0.10)
      tzinfo (~> 0.3.23)
    activerecord-jdbc-adapter (1.1.3)
    activerecord-jdbcpostgresql-adapter (1.1.3)
      activerecord-jdbc-adapter (= 1.1.3)
      jdbc-postgres (~> 9.0.0)
    activesupport (3.0.10)
    arel (2.0.10)
    builder (2.1.2)
    gravitext-util (1.5.1-java)
    hooker (1.0.0)
    i18n (0.5.0)
    iudex-barc (1.1.0-java)
      gravitext-util (~> 1.5.1)
      iudex-http (~> 1.1.0)
      rjack-slf4j (~> 1.6.1)
    iudex-core (1.1.0-java)
      gravitext-util (~> 1.5.1)
      hooker (~> 1.0.0)
      iudex-barc (~> 1.1.0)
      iudex-filter (~> 1.1.0)
      iudex-http (~> 1.1.0)
      rjack-slf4j (~> 1.6.1)
    iudex-filter (1.1.0-java)
      gravitext-util (~> 1.5.1)
      rjack-slf4j (~> 1.6.1)
    iudex-http (1.1.0-java)
      gravitext-util (~> 1.5.1)
      rjack-slf4j (~> 1.6.1)
    jdbc-postgres (9.0.801)
    json (1.6.4-java)
    minitest (2.10.0)
    rake (0.9.2.2)
    rdoc (3.12)
      json (~> 1.4)
    rjack-commons-dbcp (1.4.0.1-java)
      rjack-commons-pool (~> 1.5.3)
    rjack-commons-dbutils (1.3.2-java)
    rjack-commons-pool (1.5.6.0-java)
    rjack-logback (1.3.0-java)
      rjack-slf4j (~> 1.6.0)
    rjack-maven (3.0.3.1-java)
    rjack-slf4j (1.6.4.0-java)
    rjack-tarpit (2.0.a.0-java)
      rake (~> 0.9.2)
      rdoc (~> 3.6)
      rjack-maven (~> 3.0)
    tzinfo (0.3.29)

PLATFORMS
  java

DEPENDENCIES
  iudex-da!
  minitest (~> 2.3)
  rjack-logback (~> 1.0)
  rjack-tarpit (~> 2.0.a.0)
