PATH
  remote: .
  specs:
    iudex-core (1.1.0-java)
      gravitext-util (~> 1.5.1)
      hooker (~> 1.0.0)
      iudex-barc (~> 1.1.0)
      iudex-filter (~> 1.1.0)
      iudex-http (~> 1.1.0)
      rjack-slf4j (~> 1.6.1)

PATH
  remote: ../iudex-barc
  specs:
    iudex-barc (1.1.0-java)
      gravitext-util (~> 1.5.1)
      iudex-http (~> 1.1.0)
      rjack-slf4j (~> 1.6.1)

PATH
  remote: ../iudex-filter
  specs:
    iudex-filter (1.1.0-java)
      gravitext-util (~> 1.5.1)
      rjack-slf4j (~> 1.6.1)

PATH
  remote: ../iudex-http
  specs:
    iudex-http (1.1.0-java)
      gravitext-util (~> 1.5.1)
      rjack-slf4j (~> 1.6.1)

GEM
  remote: http://rubygems.org/
  specs:
    bouncy-castle-java (1.5.0146.1)
    gravitext-util (1.5.1-java)
    hooker (1.0.0)
    jruby-openssl (0.7.4)
      bouncy-castle-java
    json (1.6.5-java)
    minitest (2.10.1)
    rake (0.9.2.2)
    rdoc (3.12)
      json (~> 1.4)
    rjack-logback (1.3.0-java)
      rjack-slf4j (~> 1.6.0)
    rjack-maven (3.0.3.1-java)
    rjack-slf4j (1.6.4.0-java)
    rjack-tarpit (2.0.0-java)
      jruby-openssl (~> 0.7.4)
      rake (~> 0.9.2, >= 0.9.2.2)
      rdoc (~> 3.12)
      rjack-maven (~> 3.0.3)

PLATFORMS
  java

DEPENDENCIES
  iudex-barc!
  iudex-core!
  iudex-filter!
  iudex-http!
  minitest (~> 2.3)
  rjack-logback (~> 1.0)
  rjack-tarpit (~> 2.0)
