PATH
  remote: .
  specs:
    iudex-brutefuzzy-protobuf (1.0.0-java)
      rjack-protobuf (~> 2.4.1)

GEM
  remote: http://rubygems.org/
  specs:
    bouncy-castle-java (1.5.0146.1)
    jruby-openssl (0.7.4)
      bouncy-castle-java
    json (1.6.5-java)
    minitest (2.10.1)
    rake (0.9.2.2)
    rdoc (3.12)
      json (~> 1.4)
    rjack-maven (3.0.3.1-java)
    rjack-protobuf (2.4.1.0-java)
    rjack-tarpit (2.0.0-java)
      jruby-openssl (~> 0.7.4)
      rake (~> 0.9.2, >= 0.9.2.2)
      rdoc (~> 3.12)
      rjack-maven (~> 3.0.3)

PLATFORMS
  java

DEPENDENCIES
  iudex-brutefuzzy-protobuf!
  minitest (~> 2.3)
  rjack-tarpit (~> 2.0)
