PATH
  remote: .
  specs:
    iudex-jetty-httpclient (1.1.0-java)
      hooker (~> 1.0.0)
      iudex-http (~> 1.1.0)
      rjack-jetty (~> 7.5.2)

PATH
  remote: ../iudex-http
  specs:
    iudex-http (1.1.0-java)
      gravitext-util (~> 1.5.1)
      rjack-slf4j (~> 1.6.1)

PATH
  remote: ../iudex-http-test
  specs:
    iudex-http-test (1.1.0-java)
      builder (~> 2.1.2)
      fishwife (~> 1.1.0)
      markaby (~> 0.7.1)
      minitest (~> 2.3)
      sinatra (~> 1.3.1)

GEM
  remote: http://rubygems.org/
  specs:
    bouncy-castle-java (1.5.0146.1)
    builder (2.1.2)
    fishwife (1.1.1-java)
      rack (~> 1.3.2)
      rjack-jetty (~> 7.5.0)
      rjack-slf4j (~> 1.6.1)
    gravitext-util (1.5.1-java)
    hooker (1.0.0)
    jruby-openssl (0.7.4)
      bouncy-castle-java
    json (1.6.5-java)
    markaby (0.7.2)
      builder (>= 2.0.0)
    minitest (2.10.1)
    rack (1.3.6)
    rack-protection (1.2.0)
      rack
    rake (0.9.2.2)
    rdoc (3.12)
      json (~> 1.4)
    rjack-jetty (7.5.4.0-java)
    rjack-logback (1.3.0-java)
      rjack-slf4j (~> 1.6.0)
    rjack-maven (3.0.3.1-java)
    rjack-slf4j (1.6.4.0-java)
    rjack-tarpit (2.0.0-java)
      jruby-openssl (~> 0.7.4)
      rake (~> 0.9.2, >= 0.9.2.2)
      rdoc (~> 3.12)
      rjack-maven (~> 3.0.3)
    sinatra (1.3.2)
      rack (~> 1.3, >= 1.3.6)
      rack-protection (~> 1.2)
      tilt (~> 1.3, >= 1.3.3)
    tilt (1.3.3)

PLATFORMS
  java

DEPENDENCIES
  iudex-http!
  iudex-http-test!
  iudex-jetty-httpclient!
  minitest (~> 2.3)
  rjack-logback (~> 1.0)
  rjack-tarpit (~> 2.0)
