PATH
  remote: .
  specs:
    iudex (1.7.0-java)
      iudex-async-httpclient (~> 1.7)
      iudex-httpclient-3 (~> 1.7)
      iudex-jetty-httpclient (~> 1.7)
      iudex-worker (~> 1.7)
    iudex-async-httpclient (1.7.0-java)
      hooker (~> 1.0.0)
      iudex-http (~> 1.7)
      rjack-async-httpclient (~> 1.7.11)
    iudex-barc (1.7.0-java)
      gravitext-util (~> 1.7.0)
      iudex-http (~> 1.7)
      rjack-slf4j (~> 1.7.0)
    iudex-char-detector (1.7.0-java)
      iudex-core (~> 1.7)
      rjack-icu (~> 4.51.2)
    iudex-core (1.7.0-java)
      gravitext-util (~> 1.7.0)
      hooker (~> 1.0.0)
      iudex-barc (~> 1.7)
      iudex-filter (~> 1.7)
      iudex-http (~> 1.7)
      rjack-slf4j (~> 1.7.0)
    iudex-da (1.7.0-java)
      iudex-core (~> 1.7)
      rjack-commons-dbcp (~> 1.4.0)
      rjack-commons-dbutils (~> 1.5.0)
      rjack-jdbc-postgres (~> 9.3.1100)
      sequel (~> 4.8)
    iudex-filter (1.7.0-java)
      gravitext-util (~> 1.7.0)
      rjack-slf4j (~> 1.7.0)
    iudex-html (1.7.0-java)
      gravitext-xmlprod (~> 1.7.0)
      iudex-core (~> 1.7)
      rjack-nekohtml (~> 1.9.18)
    iudex-http (1.7.0-java)
      gravitext-util (~> 1.7.0)
      rjack-slf4j (~> 1.7.0)
    iudex-http-test (1.7.0-java)
      builder (~> 3.2.0)
      fishwife (~> 1.6.0)
      markaby (~> 0.7.2)
      minitest (~> 4.7.4)
      sinatra (~> 1.4.2)
    iudex-httpclient-3 (1.7.0-java)
      hooker (~> 1.0.0)
      iudex-http (~> 1.7)
      rjack-httpclient-3 (~> 3.1.3)
    iudex-jetty-httpclient (1.7.0-java)
      hooker (~> 1.0.0)
      iudex-http (~> 1.7)
      rjack-jetty (~> 9.2.2)
    iudex-rome (1.7.0-java)
      iudex-core (~> 1.7)
      rjack-rome (~> 1.0.2)
    iudex-simhash (1.7.0-java)
      iudex-core (~> 1.7)
      iudex-html (~> 1.7)
    iudex-worker (1.7.0-java)
      iudex-char-detector (~> 1.7)
      iudex-core (~> 1.7)
      iudex-da (~> 1.7)
      iudex-html (~> 1.7)
      iudex-rome (~> 1.7)
      iudex-simhash (~> 1.7)
      rjack-logback (~> 1.5)

GEM
  remote: https://rubygems.org/
  specs:
    builder (3.2.2)
    fishwife (1.6.1-java)
      rack (>= 1.5.2, < 1.7)
      rjack-jetty (>= 9.1.3, < 9.3)
      rjack-slf4j (~> 1.7.2)
    gravitext-util (1.7.0-java)
      rjack-slf4j (>= 1.6.5, < 1.8)
    gravitext-xmlprod (1.7.0-java)
      gravitext-util (~> 1.7.0)
    hooker (1.0.1)
    json (1.8.2-java)
    markaby (0.7.2)
      builder (>= 2.0.0)
    minitest (4.7.5)
    rack (1.6.0)
    rack-protection (1.5.3)
      rack
    rack-test (0.6.3)
      rack (>= 1.0)
    rake (10.4.2)
    rdoc (4.0.1)
      json (~> 1.4)
    rjack-async-httpclient (1.7.24.0-java)
      rjack-netty (~> 3.6.6)
      rjack-slf4j (>= 1.6.5, < 1.8)
    rjack-commons-codec (1.9.0-java)
    rjack-commons-dbcp (1.4.0.1-java)
      rjack-commons-pool (~> 1.5.3)
    rjack-commons-dbutils (1.5.0-java)
    rjack-commons-pool (1.5.7.0-java)
    rjack-httpclient-3 (3.1.7-java)
      rjack-commons-codec (~> 1.4)
      rjack-slf4j (>= 1.6.5, < 1.8)
    rjack-icu (4.51.2.0-java)
    rjack-jdbc-postgres (9.3.1102.0)
    rjack-jdom (1.1.0.2-java)
    rjack-jetty (9.2.7.0-java)
    rjack-logback (1.7.2-java)
      rjack-slf4j (>= 1.6.5, < 1.8)
    rjack-maven (3.0.5.0-java)
    rjack-nekohtml (1.9.21.0-java)
      rjack-xerces (>= 2.10.0, < 2.12)
    rjack-netty (3.6.8.0-java)
    rjack-rome (1.0.2-java)
      rjack-jdom (~> 1.1.0)
    rjack-slf4j (1.7.10.0-java)
    rjack-tarpit (2.1.0-java)
      rake (>= 0.9.2.2, < 11)
      rdoc (>= 3.12, < 5)
      rjack-maven (~> 3.0.4)
    rjack-xerces (2.11.0.0-java)
    sequel (4.18.0)
    sinatra (1.4.5)
      rack (~> 1.4)
      rack-protection (~> 1.4)
      tilt (~> 1.3, >= 1.3.4)
    tilt (1.4.1)

PLATFORMS
  java

DEPENDENCIES
  iudex!
  iudex-http-test (~> 1.7)
  rack-test (~> 0.6.2)
  rdoc (~> 4.0.1)
  rjack-tarpit (~> 2.1)
