PATH
  remote: iudex-async-httpclient
  specs:
    iudex-async-httpclient (1.1.0-java)
      hooker (~> 1.0.0)
      iudex-http (~> 1.1.0)
      rjack-async-httpclient (~> 1.6.5)

PATH
  remote: iudex-barc
  specs:
    iudex-barc (1.1.0-java)
      gravitext-util (~> 1.5.1)
      iudex-http (~> 1.1.0)
      rjack-slf4j (~> 1.6.1)

PATH
  remote: iudex-core
  specs:
    iudex-core (1.1.0-java)
      gravitext-util (~> 1.5.1)
      hooker (~> 1.0.0)
      iudex-barc (~> 1.1.0)
      iudex-filter (~> 1.1.0)
      iudex-http (~> 1.1.0)
      rjack-slf4j (~> 1.6.1)

PATH
  remote: iudex-filter
  specs:
    iudex-filter (1.1.0-java)
      gravitext-util (~> 1.5.1)
      rjack-slf4j (~> 1.6.1)

PATH
  remote: iudex-http
  specs:
    iudex-http (1.1.0-java)
      gravitext-util (~> 1.5.1)
      rjack-slf4j (~> 1.6.1)

PATH
  remote: iudex-http-test
  specs:
    iudex-http-test (1.1.0-java)
      fishwife (~> 1.1.0)
      markaby (~> 0.7.1)
      minitest (~> 2.3)
      sinatra (~> 1.3.1)

PATH
  remote: iudex-httpclient-3
  specs:
    iudex-httpclient-3 (1.1.0-java)
      hooker (~> 1.0.0)
      iudex-http (~> 1.1.0)
      rjack-httpclient-3 (~> 3.1.3)

PATH
  remote: iudex-jetty-httpclient
  specs:
    iudex-jetty-httpclient (1.1.0-java)
      hooker (~> 1.0.0)
      iudex-http (~> 1.1.0)
      rjack-jetty (~> 7.5.2)

GEM
  remote: http://rubygems.org/
  specs:
    builder (3.0.0)
    fishwife (1.1.1-java)
      rack (~> 1.3.2)
      rjack-jetty (~> 7.5.0)
      rjack-slf4j (~> 1.6.1)
    gravitext-util (1.5.1-java)
    hooker (1.0.0)
    json (1.6.4-java)
    markaby (0.7.2)
      builder (>= 2.0.0)
    minitest (2.10.0)
    rack (1.3.4)
    rack-protection (1.1.4)
      rack
    rack-test (0.6.1)
      rack (>= 1.0)
    rake (0.9.2.2)
    rdoc (3.12)
      json (~> 1.4)
    rjack-async-httpclient (1.6.5.0-java)
      rjack-slf4j (~> 1.6.1)
    rjack-commons-codec (1.4.2-java)
    rjack-httpclient-3 (3.1.5-java)
      rjack-commons-codec (~> 1.4.0)
      rjack-slf4j (>= 1.5.8, < 1.7)
    rjack-jetty (7.5.4.0-java)
    rjack-logback (1.3.0-java)
      rjack-slf4j (~> 1.6.0)
    rjack-maven (3.0.3.1-java)
    rjack-slf4j (1.6.4.0-java)
    rjack-tarpit (2.0.a.0-java)
      rake (~> 0.9.2)
      rdoc (~> 3.6)
      rjack-maven (~> 3.0)
    sinatra (1.3.1)
      rack (~> 1.3, >= 1.3.4)
      rack-protection (~> 1.1, >= 1.1.2)
      tilt (~> 1.3, >= 1.3.3)
    tilt (1.3.3)

PLATFORMS
  java

DEPENDENCIES
  iudex-async-httpclient!
  iudex-barc!
  iudex-core!
  iudex-filter!
  iudex-http!
  iudex-http-test!
  iudex-httpclient-3!
  iudex-jetty-httpclient!
  minitest (~> 2.3)
  rack-test (~> 0.6.0)
  rjack-logback (~> 1.0)
  rjack-tarpit (~> 2.0.a.0)
