PATH
  remote: iudex
  specs:
    iudex (1.3.0-java)
      iudex-async-httpclient (~> 1.3.0)
      iudex-brutefuzzy-service (~> 1.3.0)
      iudex-httpclient-3 (~> 1.3.0)
      iudex-jetty-httpclient (~> 1.3.0)
      iudex-worker (~> 1.3.0)

PATH
  remote: iudex-async-httpclient
  specs:
    iudex-async-httpclient (1.3.0-java)
      hooker (~> 1.0.0)
      iudex-http (~> 1.3.0)
      rjack-async-httpclient (~> 1.7.6)

PATH
  remote: iudex-barc
  specs:
    iudex-barc (1.3.0-java)
      gravitext-util (~> 1.7.0)
      iudex-http (~> 1.3.0)
      rjack-slf4j (~> 1.7.0)

PATH
  remote: iudex-brutefuzzy-protobuf
  specs:
    iudex-brutefuzzy-protobuf (1.3.0-java)
      rjack-protobuf (~> 2.4.1)

PATH
  remote: iudex-brutefuzzy-service
  specs:
    iudex-brutefuzzy-service (1.3.0-java)
      iudex-brutefuzzy-protobuf (~> 1.3.0)
      iudex-core (~> 1.3.0)
      iudex-simhash (~> 1.3.0)
      rjack-jms (~> 1.1.0)
      rjack-logback (~> 1.5)
      rjack-qpid-client (>= 0.14.1, < 0.19)

PATH
  remote: iudex-char-detector
  specs:
    iudex-char-detector (1.3.0-java)
      iudex-core (~> 1.3.0)
      rjack-icu (~> 4.8.0)

PATH
  remote: iudex-core
  specs:
    iudex-core (1.3.0-java)
      gravitext-util (~> 1.7.0)
      hooker (~> 1.0.0)
      iudex-barc (~> 1.3.0)
      iudex-filter (~> 1.3.0)
      iudex-http (~> 1.3.0)
      rjack-slf4j (~> 1.7.0)

PATH
  remote: iudex-da
  specs:
    iudex-da (1.3.3-java)
      iudex-core (~> 1.3.0)
      jdbc-postgres (~> 9.1.901)
      rjack-commons-dbcp (~> 1.4.0)
      rjack-commons-dbutils (~> 1.4.0)
      sequel (~> 3.40.0)

PATH
  remote: iudex-filter
  specs:
    iudex-filter (1.3.0-java)
      gravitext-util (~> 1.7.0)
      rjack-slf4j (~> 1.7.0)

PATH
  remote: iudex-html
  specs:
    iudex-html (1.3.0-java)
      gravitext-xmlprod (~> 1.7.0)
      iudex-core (~> 1.3.0)
      rjack-nekohtml (~> 1.9.14)

PATH
  remote: iudex-http
  specs:
    iudex-http (1.3.0-java)
      gravitext-util (~> 1.7.0)
      rjack-slf4j (~> 1.7.0)

PATH
  remote: iudex-http-test
  specs:
    iudex-http-test (1.3.0-java)
      builder (~> 3.0.0)
      fishwife (~> 1.3.0)
      markaby (~> 0.7.1)
      minitest (~> 2.3)
      sinatra (~> 1.3.1)

PATH
  remote: iudex-httpclient-3
  specs:
    iudex-httpclient-3 (1.3.0-java)
      hooker (~> 1.0.0)
      iudex-http (~> 1.3.0)
      rjack-httpclient-3 (~> 3.1.3)

PATH
  remote: iudex-jetty-httpclient
  specs:
    iudex-jetty-httpclient (1.3.0-java)
      hooker (~> 1.0.0)
      iudex-http (~> 1.3.0)
      rjack-jetty (>= 7.5.4, < 7.7)

PATH
  remote: iudex-rome
  specs:
    iudex-rome (1.3.0-java)
      iudex-core (~> 1.3.0)
      rjack-rome (~> 1.0.2)

PATH
  remote: iudex-simhash
  specs:
    iudex-simhash (1.3.0-java)
      iudex-core (~> 1.3.0)
      iudex-html (~> 1.3.0)

PATH
  remote: iudex-worker
  specs:
    iudex-worker (1.3.2-java)
      iudex-char-detector (~> 1.3.0)
      iudex-core (~> 1.3.0)
      iudex-da (~> 1.3.0)
      iudex-html (~> 1.3.0)
      iudex-rome (~> 1.3.0)
      iudex-simhash (~> 1.3.0)
      rjack-logback (~> 1.5)

GEM
  remote: http://rubygems.org/
  specs:
    bouncy-castle-java (1.5.0146.1)
    builder (3.0.4)
    fishwife (1.3.2-java)
      rack (~> 1.4.1)
      rjack-jetty (>= 7.5.4, < 7.7)
      rjack-slf4j (>= 1.6.5, < 1.8)
    gravitext-util (1.7.0-java)
      rjack-slf4j (>= 1.6.5, < 1.8)
    gravitext-xmlprod (1.7.0-java)
      gravitext-util (~> 1.7.0)
    hooker (1.0.1)
    jdbc-postgres (9.1.901)
    jruby-openssl (0.7.7)
      bouncy-castle-java (>= 1.5.0146.1)
    json (1.7.5-java)
    markaby (0.7.2)
      builder (>= 2.0.0)
    minitest (2.12.1)
    rack (1.4.1)
    rack-protection (1.2.0)
      rack
    rack-test (0.6.2)
      rack (>= 1.0)
    rake (0.9.2.2)
    rdoc (3.12)
      json (~> 1.4)
    rjack-async-httpclient (1.7.6.0-java)
      rjack-slf4j (>= 1.6.5, < 1.8)
    rjack-commons-codec (1.6.0-java)
    rjack-commons-dbcp (1.4.0.1-java)
      rjack-commons-pool (~> 1.5.3)
    rjack-commons-dbutils (1.4.0-java)
    rjack-commons-pool (1.5.7.0-java)
    rjack-httpclient-3 (3.1.7-java)
      rjack-commons-codec (~> 1.4)
      rjack-slf4j (>= 1.6.5, < 1.8)
    rjack-icu (4.8.1.1-java)
    rjack-jdom (1.1.0.2-java)
    rjack-jetty (7.6.7.0-java)
    rjack-jms (1.1.1-java)
      rjack-jms-spec (~> 1.1.1)
      rjack-slf4j (>= 1.6.5, < 1.8)
    rjack-jms-spec (1.1.1-java)
    rjack-logback (1.5.0-java)
      rjack-slf4j (>= 1.6.5, < 1.8)
    rjack-maven (3.0.4.0-java)
    rjack-nekohtml (1.9.15.0-java)
      rjack-xerces (~> 2.9.1)
    rjack-protobuf (2.4.1.0-java)
    rjack-qpid-client (0.18.0-java)
      rjack-jms (>= 1.0.0, < 1.2)
      rjack-slf4j (>= 1.6.5, < 1.8)
    rjack-rome (1.0.2-java)
      rjack-jdom (~> 1.1.0)
    rjack-slf4j (1.7.0.0-java)
    rjack-tarpit (2.0.1-java)
      jruby-openssl (~> 0.7.4)
      rake (~> 0.9.2, >= 0.9.2.2)
      rdoc (~> 3.12)
      rjack-maven (~> 3.0.3)
    rjack-xerces (2.9.1.0-java)
    sequel (3.40.0)
    sinatra (1.3.3)
      rack (~> 1.3, >= 1.3.6)
      rack-protection (~> 1.2)
      tilt (~> 1.3, >= 1.3.3)
    tilt (1.3.3)

PLATFORMS
  java

DEPENDENCIES
  iudex!
  iudex-async-httpclient!
  iudex-barc!
  iudex-brutefuzzy-protobuf!
  iudex-brutefuzzy-service!
  iudex-char-detector!
  iudex-core!
  iudex-da!
  iudex-filter!
  iudex-html!
  iudex-http!
  iudex-http-test!
  iudex-httpclient-3!
  iudex-jetty-httpclient!
  iudex-rome!
  iudex-simhash!
  iudex-worker!
  minitest (~> 2.3)
  rack (~> 1.4.1)
  rack-test (~> 0.6.0)
  rjack-logback (~> 1.5)
  rjack-tarpit (~> 2.0)
