PATH
  remote: .
  specs:
    iudex (1.1.0-java)
      iudex-async-httpclient (~> 1.1.0)
      iudex-httpclient-3 (~> 1.1.0)
      iudex-jetty-httpclient (~> 1.1.0)
      iudex-worker (~> 1.1.0)

GEM
  remote: http://rubygems.org/
  specs:
    activemodel (3.0.10)
      activesupport (= 3.0.10)
      builder (~> 2.1.2)
      i18n (~> 0.5.0)
    activerecord (3.0.10)
      activemodel (= 3.0.10)
      activesupport (= 3.0.10)
      arel (~> 2.0.10)
      tzinfo (~> 0.3.23)
    activerecord-jdbc-adapter (1.1.3)
    activerecord-jdbcpostgresql-adapter (1.1.3)
      activerecord-jdbc-adapter (= 1.1.3)
      jdbc-postgres (~> 9.0.0)
    activesupport (3.0.10)
    arel (2.0.10)
    builder (2.1.2)
    gravitext-util (1.5.1-java)
    gravitext-xmlprod (1.4.1-java)
      gravitext-util (~> 1.5.0)
    hooker (1.0.0)
    i18n (0.5.0)
    iudex-async-httpclient (1.1.0-java)
      hooker (~> 1.0.0)
      iudex-http (~> 1.1.0)
      rjack-async-httpclient (~> 1.6.5)
    iudex-barc (1.1.0-java)
      gravitext-util (~> 1.5.1)
      iudex-http (~> 1.1.0)
      rjack-slf4j (~> 1.6.1)
    iudex-char-detector (1.1.0-java)
      iudex-core (~> 1.1.0)
      rjack-icu (~> 4.8.0)
    iudex-core (1.1.0-java)
      gravitext-util (~> 1.5.1)
      hooker (~> 1.0.0)
      iudex-barc (~> 1.1.0)
      iudex-filter (~> 1.1.0)
      iudex-http (~> 1.1.0)
      rjack-slf4j (~> 1.6.1)
    iudex-da (1.1.1-java)
      activerecord (~> 3.0.10)
      activerecord-jdbcpostgresql-adapter (~> 1.1.3)
      iudex-core (~> 1.1.0)
      jdbc-postgres (~> 9.0.801)
      rjack-commons-dbcp (~> 1.4.0)
      rjack-commons-dbutils (~> 1.3.0)
    iudex-filter (1.1.0-java)
      gravitext-util (~> 1.5.1)
      rjack-slf4j (~> 1.6.1)
    iudex-html (1.1.0-java)
      gravitext-xmlprod (~> 1.4.0)
      iudex-core (~> 1.1.0)
      rjack-nekohtml (~> 1.9.14)
    iudex-http (1.1.0-java)
      gravitext-util (~> 1.5.1)
      rjack-slf4j (~> 1.6.1)
    iudex-httpclient-3 (1.1.0-java)
      hooker (~> 1.0.0)
      iudex-http (~> 1.1.0)
      rjack-httpclient-3 (~> 3.1.3)
    iudex-jetty-httpclient (1.1.0-java)
      hooker (~> 1.0.0)
      iudex-http (~> 1.1.0)
      rjack-jetty (~> 7.5.2)
    iudex-rome (1.1.0-java)
      iudex-core (~> 1.1.0)
      rjack-rome (~> 1.0.2)
    iudex-simhash (1.1.0-java)
      iudex-html (~> 1.1.0)
    iudex-worker (1.1.0-java)
      iudex-char-detector (~> 1.1.0)
      iudex-core (~> 1.1.0)
      iudex-da (~> 1.1.0)
      iudex-html (~> 1.1.0)
      iudex-rome (~> 1.1.0)
      iudex-simhash (~> 1.1.0)
      rjack-logback (~> 1.0)
    jdbc-postgres (9.0.801)
    json (1.6.4-java)
    rake (0.9.2.2)
    rdoc (3.12)
      json (~> 1.4)
    rjack-async-httpclient (1.6.5.0-java)
      rjack-slf4j (~> 1.6.1)
    rjack-commons-codec (1.4.2-java)
    rjack-commons-dbcp (1.4.0.1-java)
      rjack-commons-pool (~> 1.5.3)
    rjack-commons-dbutils (1.3.2-java)
    rjack-commons-pool (1.5.6.0-java)
    rjack-httpclient-3 (3.1.5-java)
      rjack-commons-codec (~> 1.4.0)
      rjack-slf4j (>= 1.5.8, < 1.7)
    rjack-icu (4.8.1.1-java)
    rjack-jdom (1.1.0.2-java)
    rjack-jetty (7.5.4.0-java)
    rjack-logback (1.3.0-java)
      rjack-slf4j (~> 1.6.0)
    rjack-maven (3.0.3.1-java)
    rjack-nekohtml (1.9.15.0-java)
      rjack-xerces (~> 2.9.1)
    rjack-rome (1.0.2-java)
      rjack-jdom (~> 1.1.0)
    rjack-slf4j (1.6.4.0-java)
    rjack-tarpit (2.0.a.0-java)
      rake (~> 0.9.2)
      rdoc (~> 3.6)
      rjack-maven (~> 3.0)
    rjack-xerces (2.9.1.0-java)
    tzinfo (0.3.29)

PLATFORMS
  java

DEPENDENCIES
  iudex!
  rjack-tarpit (~> 2.0.a.0)
