GEM
  remote: http://rubygems.org/
  specs:
    albino (1.3.3)
      posix-spawn (>= 0.3.6)
    classifier (1.3.3)
      fast-stemmer (>= 1.0.0)
    coderay (1.0.8)
    directory_watcher (1.4.1)
    fast-stemmer (1.0.1)
    image_size (1.0.6)
    jekyll (0.11.2)
      albino (~> 1.3)
      classifier (~> 1.3)
      directory_watcher (~> 1.1)
      kramdown (~> 0.13)
      liquid (~> 2.3)
      maruku (~> 0.5)
    jekyll-svg-plugin (1.1.0)
      image_size (~> 1.0.3)
    kramdown (0.13.8)
    liquid (2.3.0)
    maruku (0.6.1)
      syntax (>= 1.0.0)
    posix-spawn (0.3.6)
    rake (10.0.3)
    syntax (1.0.0)

PLATFORMS
  java
  ruby

DEPENDENCIES
  coderay (~> 1.0.7)
  directory_watcher (~> 1.4.1)
  jekyll (~> 0.11.2)
  jekyll-svg-plugin (~> 1.1.0)
  kramdown (~> 0.13.7)
  liquid (~> 2.3.0)
  rake (~> 10.0.3)
