PATH
  remote: .
  specs:
    iudex-rome (1.1.0-java)
      iudex-core (~> 1.1.0)
      rjack-rome (~> 1.0.2)

PATH
  remote: ../iudex-core
  specs:
    iudex-core (1.1.0-java)
      gravitext-util (~> 1.5.1)
      hooker (~> 1.0.0)
      iudex-barc (~> 1.1.0)
      iudex-filter (~> 1.1.0)
      iudex-http (~> 1.1.0)
      rjack-slf4j (~> 1.6.1)

GEM
  remote: http://rubygems.org/
  specs:
    gravitext-util (1.5.1-java)
    hooker (1.0.0)
    iudex-barc (1.1.0-java)
      gravitext-util (~> 1.5.1)
      iudex-http (~> 1.1.0)
      rjack-slf4j (~> 1.6.1)
    iudex-filter (1.1.0-java)
      gravitext-util (~> 1.5.1)
      rjack-slf4j (~> 1.6.1)
    iudex-http (1.1.0-java)
      gravitext-util (~> 1.5.1)
      rjack-slf4j (~> 1.6.1)
    json (1.6.4-java)
    minitest (2.10.0)
    rake (0.9.2.2)
    rdoc (3.12)
      json (~> 1.4)
    rjack-jdom (1.1.0.2-java)
    rjack-logback (1.3.0-java)
      rjack-slf4j (~> 1.6.0)
    rjack-maven (3.0.3.1-java)
    rjack-rome (1.0.2-java)
      rjack-jdom (~> 1.1.0)
    rjack-slf4j (1.6.4.0-java)
    rjack-tarpit (2.0.a.0-java)
      rake (~> 0.9.2)
      rdoc (~> 3.6)
      rjack-maven (~> 3.0)

PLATFORMS
  java

DEPENDENCIES
  iudex-core!
  iudex-rome!
  minitest (~> 2.3)
  rjack-logback (~> 1.0)
  rjack-tarpit (~> 2.0.a.0)
