PATH
  remote: .
  specs:
    iudex-html (1.1.0-java)
      gravitext-xmlprod (~> 1.4.0)
      iudex-core (~> 1.1.0)
      rjack-nekohtml (~> 1.9.14)

GEM
  remote: http://rubygems.org/
  specs:
    gravitext-util (1.5.1-java)
    gravitext-xmlprod (1.4.1-java)
      gravitext-util (~> 1.5.0)
    hooker (1.0.0)
    iudex-barc (1.1.0-java)
      gravitext-util (~> 1.5.1)
      iudex-http (~> 1.1.0)
      rjack-slf4j (~> 1.6.1)
    iudex-core (1.1.0-java)
      gravitext-util (~> 1.5.1)
      hooker (~> 1.0.0)
      iudex-barc (~> 1.1.0)
      iudex-filter (~> 1.1.0)
      iudex-http (~> 1.1.0)
      rjack-slf4j (~> 1.6.1)
    iudex-filter (1.1.0-java)
      gravitext-util (~> 1.5.1)
      rjack-slf4j (~> 1.6.1)
    iudex-http (1.1.0-java)
      gravitext-util (~> 1.5.1)
      rjack-slf4j (~> 1.6.1)
    json (1.6.4-java)
    minitest (2.10.0)
    rake (0.9.2.2)
    rdoc (3.12)
      json (~> 1.4)
    rjack-logback (1.3.0-java)
      rjack-slf4j (~> 1.6.0)
    rjack-maven (3.0.3.1-java)
    rjack-nekohtml (1.9.15.0-java)
      rjack-xerces (~> 2.9.1)
    rjack-slf4j (1.6.4.0-java)
    rjack-tarpit (2.0.a.0-java)
      rake (~> 0.9.2)
      rdoc (~> 3.6)
      rjack-maven (~> 3.0)
    rjack-xerces (2.9.1.0-java)

PLATFORMS
  java

DEPENDENCIES
  iudex-html!
  minitest (~> 2.3)
  rjack-logback (~> 1.0)
  rjack-tarpit (~> 2.0.a.0)
